PATH
  remote: .
  specs:
    chain-ruby (2.1.1)
      chain-bitcoin-ruby (= 0.0.1)

GEM
  remote: https://rubygems.org/
  specs:
    addressable (2.3.6)
    chain-bitcoin-ruby (0.0.1)
    crack (0.4.2)
      safe_yaml (~> 1.0.0)
    diff-lcs (1.2.5)
    ffi (1.9.3)
    ffi (1.9.3-java)
    rake (10.3.2)
    rspec (3.1.0)
      rspec-core (~> 3.1.0)
      rspec-expectations (~> 3.1.0)
      rspec-mocks (~> 3.1.0)
    rspec-core (3.1.0)
      rspec-support (~> 3.1.0)
    rspec-expectations (3.1.0)
      diff-lcs (>= 1.2.0, < 2.0)
      rspec-support (~> 3.1.0)
    rspec-mocks (3.1.0)
      rspec-support (~> 3.1.0)
    rspec-support (3.1.0)
    safe_yaml (1.0.4)
    webmock (1.18.0)
      addressable (>= 2.3.6)
      crack (>= 0.3.2)

PLATFORMS
  java
  ruby

DEPENDENCIES
  chain-ruby!
  ffi
  rake
  rspec (= 3.1.0)
  webmock (= 1.18.0)
